GEM
  remote: https://rubygems.org/
  specs:
    docopt (0.6.1)
    http-2-next (0.4.3)
    httpx (0.15.2)
      http-2-next (>= 0.4.1)
      timers
    timers (4.3.3)

PLATFORMS
  x86_64-linux

DEPENDENCIES
  docopt (>= 0.6.1)
  httpx (>= 0.15.2)

BUNDLED WITH
   2.2.15
